GIT
  remote: https://github.com/tdg5/racker.git
  revision: 3cb66c20da0894f19ca8d9df911bfcc7fe2e5fb8
  branch: write_to_stdout
  specs:
    racker (0.1.7.dev)
      log4r (~> 1.1.10)
      multi_json (~> 1.8)

GEM
  remote: https://rubygems.org/
  specs:
    log4r (1.1.10)
    multi_json (1.10.1)
    rake (10.3.2)

PLATFORMS
  ruby

DEPENDENCIES
  racker!
  rake
