GIT
  remote: https://github.com/tdg5/racker.git
  revision: 3cb66c20da0894f19ca8d9df911bfcc7fe2e5fb8
  branch: write_to_stdout
  specs:
    racker (0.1.7.dev)
      log4r (~> 1.1.10)
      multi_json (~> 1.8)

GEM
  remote: http://rubygems.org/
  specs:
    akami (1.2.0)
      gyoku (>= 0.4.0)
      nokogiri (>= 1.4.0)
    builder (3.1.4)
    em-winrm (0.5.4)
      eventmachine (= 1.0.0.beta.3)
      mixlib-log (>= 1.3.0)
      uuidtools (~> 2.1.1)
      winrm (~> 1.1.0)
    eventmachine (1.0.0.beta.3)
    ffi (1.3.1)
    gssapi (1.0.3)
      ffi (>= 1.0.1)
    gyoku (1.0.0)
      builder (>= 2.1.2)
    httpclient (2.2.0.2)
    httpi (0.9.7)
      rack
    little-plugger (1.1.3)
    log4r (1.1.10)
    logging (1.6.2)
      little-plugger (>= 1.1.3)
    mixlib-log (1.4.1)
    multi_json (1.10.1)
    nokogiri (1.5.6)
    nori (1.1.4)
    rack (1.5.2)
    rubyntlm (0.1.1)
    savon (0.9.5)
      akami (~> 1.0)
      builder (>= 2.1.2)
      gyoku (>= 0.4.0)
      httpi (~> 0.9)
      nokogiri (>= 1.4.0)
      nori (~> 1.0)
      wasabi (~> 1.0)
    uuidtools (2.1.3)
    wasabi (1.0.0)
      nokogiri (>= 1.4.0)
    winrm (1.1.2)
      gssapi (~> 1.0.0)
      httpclient (~> 2.2.0.2)
      logging (~> 1.6.1)
      nokogiri (~> 1.5.0)
      rubyntlm (~> 0.1.1)
      savon (= 0.9.5)
      uuidtools (~> 2.1.2)

PLATFORMS
  ruby

DEPENDENCIES
  em-winrm
  racker!
